STORAGE: NONE
RESTRICTION: == netstandard2.0
NUGET
  remote: https://api.nuget.org/v3/index.json
    FSharp.Core (6.0.1)
    Stub.System.Data.SQLite.Core.NetStandard (1.0.115.5)
    System.Data.SQLite (1.0.115.5)
      System.Data.SQLite.Core (1.0.115.5)
    System.Data.SQLite.Core (1.0.115.5)
      Stub.System.Data.SQLite.Core.NetStandard (1.0.115.5)
